GIT
  remote: git://github.com/onland/ts-delayed-delta.git
  revision: 440b0918b09bad99d3a3a8e135b3647a475b9994
  specs:
    ts-delayed-delta (1.1.3)
      delayed_job (>= 2.0.4)
      thinking-sphinx (>= 1.3.6)

GIT
  remote: https://github.com/galetahub/ckeditor
  revision: 11d3a5b905646c6fd397f7710f95fb9eb29f0865
  specs:
    ckeditor (4.2.2)
      cocaine
      orm_adapter (~> 0.5.0)

PATH
  remote: lib/devise_ldap_authenticatable
  specs:
    devise_ldap_authenticatable (0.7.0)
      devise (~> 2.0)
      net-ldap (~> 0.2.2)

PATH
  remote: lib/thinking-sphinx
  specs:
    thinking-sphinx (3.0.2)
      activerecord (>= 3.1.0)
      builder (>= 2.1.2)
      innertube (>= 1.0.2)
      middleware (>= 0.1.0)
      riddle (>= 1.5.4)

GEM
  remote: http://rubygems.org/
  specs:
    Ascii85 (1.0.2)
    actionmailer (3.2.22)
      actionpack (= 3.2.22)
      mail (~> 2.5.4)
    actionpack (3.2.22)
      activemodel (= 3.2.22)
      activesupport (= 3.2.22)
      builder (~> 3.0.0)
      erubis (~> 2.7.0)
      journey (~> 1.0.4)
      rack (~> 1.4.5)
      rack-cache (~> 1.2)
      rack-test (~> 0.6.1)
      sprockets (~> 2.2.1)
    activemodel (3.2.22)
      activesupport (= 3.2.22)
      builder (~> 3.0.0)
    activerecord (3.2.22)
      activemodel (= 3.2.22)
      activesupport (= 3.2.22)
      arel (~> 3.0.2)
      tzinfo (~> 0.3.29)
    activeresource (3.2.22)
      activemodel (= 3.2.22)
      activesupport (= 3.2.22)
    activesupport (3.2.22)
      i18n (~> 0.6, >= 0.6.4)
      multi_json (~> 1.0)
    acts_as_tree (2.6.1)
      activerecord (>= 3.0.0)
    addressable (2.5.0)
      public_suffix (~> 2.0, >= 2.0.2)
    afm (0.2.2)
    anemone (0.7.2)
      nokogiri (>= 1.3.0)
      robotex (>= 1.0.0)
    ansi (1.5.0)
    arel (3.0.3)
    bcrypt (3.1.11)
    bcrypt-ruby (3.1.5)
      bcrypt (>= 3.1.3)
    bson (1.12.5)
    builder (3.0.4)
    capistrano (2.15.9)
      highline
      net-scp (>= 1.0.0)
      net-sftp (>= 2.0.0)
      net-ssh (>= 2.0.14)
      net-ssh-gateway (>= 1.1.0)
    capistrano_colors (0.5.5)
    capybara (2.11.0)
      addressable
      mime-types (>= 1.16)
      nokogiri (>= 1.3.3)
      rack (>= 1.0.0)
      rack-test (>= 0.5.4)
      xpath (~> 2.0)
    chardet (0.9.0)
    climate_control (0.1.0)
    cocaine (0.5.8)
      climate_control (>= 0.0.3, < 1.0)
    coffee-rails (3.2.2)
      coffee-script (>= 2.2.0)
      railties (~> 3.2.0)
    coffee-script (2.4.1)
      coffee-script-source
      execjs
    coffee-script-source (1.12.2)
    color (1.8)
    commonjs (0.2.7)
    cucumber (2.4.0)
      builder (>= 2.1.2)
      cucumber-core (~> 1.5.0)
      cucumber-wire (~> 0.0.1)
      diff-lcs (>= 1.1.3)
      gherkin (~> 4.0)
      multi_json (>= 1.7.5, < 2.0)
      multi_test (>= 0.1.2)
    cucumber-core (1.5.0)
      gherkin (~> 4.0)
    cucumber-rails (1.4.5)
      capybara (>= 1.1.2, < 3)
      cucumber (>= 1.3.8, < 4)
      mime-types (>= 1.16, < 4)
      nokogiri (~> 1.5)
      railties (>= 3, < 5.1)
    cucumber-wire (0.0.1)
    daemons (1.2.4)
    database_cleaner (1.5.3)
    delayed_job (4.1.2)
      activesupport (>= 3.0, < 5.1)
    delayed_job_active_record (4.1.1)
      activerecord (>= 3.0, < 5.1)
      delayed_job (>= 3.0, < 5)
    devise (2.2.8)
      bcrypt-ruby (~> 3.0)
      orm_adapter (~> 0.1)
      railties (~> 3.1)
      warden (~> 1.2.1)
    diff-lcs (1.3)
    difflcs (0.6.9)
      positionrange
    dynamic_form (1.1.4)
    eco (1.0.0)
      coffee-script
      eco-source
      execjs
    eco-source (1.1.0.rc.1)
    ensure-encoding (0.1)
    erubis (2.7.0)
    execjs (2.7.0)
    factory_girl (4.8.0)
      activesupport (>= 3.0.0)
    factory_girl_rails (4.8.0)
      factory_girl (~> 4.8.0)
      railties (>= 3.0.0)
    fileutils (0.7)
      rmagick (>= 2.13.1)
    gherkin (4.0.0)
    hashery (2.1.2)
    highline (1.7.8)
    hike (1.2.3)
    htmlentities (4.3.4)
    i18n (0.7.0)
    i18n-js (2.1.2)
      i18n
    i18n_generators (2.1.1)
      rails (>= 3.0.0)
    iconv (1.0.4)
    innertube (1.1.0)
    journey (1.0.4)
    jquery-rails (3.1.4)
      railties (>= 3.0, < 5.0)
      thor (>= 0.14, < 2.0)
    jquery-tmpl-rails (1.1.0)
      rails (>= 3.1.0)
    jquery-ui-rails (6.0.1)
      railties (>= 3.2.16)
    json (1.8.6)
    json2-rails (1.15.05.18)
    less (2.2.2)
      commonjs (~> 0.2.6)
    less-rails (2.2.6)
      actionpack (>= 3.1)
      less (~> 2.2.0)
    less-rails-bootstrap (2.1.1)
      less-rails (~> 2.2.0)
    less-rails-bootswatch (0.3.4)
      less-rails-bootstrap (~> 2.1.0)
    libv8 (3.16.14.17)
    loofah (2.0.3)
      nokogiri (>= 1.5.9)
    mail (2.5.4)
      mime-types (~> 1.16)
      treetop (~> 1.4.8)
    middleware (0.1.0)
    mime-types (1.25.1)
    mimemagic (0.3.0)
    mini_portile2 (2.1.0)
    minitest (4.7.5)
    mongo (1.12.5)
      bson (= 1.12.5)
    mongodb (2.1.0)
      mongo (~> 1.5)
    mono_logger (1.1.0)
    multi_json (1.12.1)
    multi_test (0.1.2)
    mysql2 (0.3.21)
    net-ldap (0.2.2)
    net-scp (1.2.1)
      net-ssh (>= 2.6.5)
    net-sftp (2.1.2)
      net-ssh (>= 2.6.5)
    net-ssh (4.0.1)
    net-ssh-gateway (1.2.0)
      net-ssh (>= 2.6.5)
    nokogiri (1.7.0.1)
      mini_portile2 (~> 2.1.0)
    orm_adapter (0.5.0)
    paperclip (4.3.7)
      activemodel (>= 3.2.0)
      activesupport (>= 3.2.0)
      cocaine (~> 0.5.5)
      mime-types
      mimemagic (= 0.3.0)
    parallel (1.10.0)
    passenger (5.1.1)
      rack
      rake (>= 0.8.1)
    pdf-reader (1.4.1)
      Ascii85 (~> 1.0.0)
      afm (~> 0.2.1)
      hashery (~> 2.0)
      ruby-rc4
      ttfunk
    plupload-rails (1.2.1)
      rails (>= 3.1)
    polyglot (0.3.5)
    positionrange (0.7.1)
    public_suffix (2.0.5)
    rack (1.4.7)
    rack-cache (1.6.1)
      rack (>= 0.4)
    rack-protection (1.5.3)
      rack
    rack-ssl (1.3.4)
      rack
    rack-test (0.6.3)
      rack (>= 1.0)
    rails (3.2.22)
      actionmailer (= 3.2.22)
      actionpack (= 3.2.22)
      activerecord (= 3.2.22)
      activeresource (= 3.2.22)
      activesupport (= 3.2.22)
      bundler (~> 1.0)
      railties (= 3.2.22)
    railties (3.2.22)
      actionpack (= 3.2.22)
      activesupport (= 3.2.22)
      rack-ssl (~> 1.3.2)
      rake (>= 0.8.7)
      rdoc (~> 3.4)
      thor (>= 0.14.6, < 2.0)
    rake (12.0.0)
    rb-readline (0.5.3)
    rdoc (3.12.2)
      json (~> 1.4)
    redis (3.3.2)
    redis-namespace (1.5.2)
      redis (~> 3.0, >= 3.0.4)
    ref (2.0.0)
    resque (1.26.0)
      mono_logger (~> 1.0)
      multi_json (~> 1.0)
      redis-namespace (~> 1.3)
      sinatra (>= 0.9.2)
      vegas (~> 0.1.2)
    riddle (2.1.0)
    rmagick (2.16.0)
    robotex (1.0.0)
    rspec-core (3.5.4)
      rspec-support (~> 3.5.0)
    rspec-expectations (3.5.0)
      diff-lcs (>= 1.2.0, < 2.0)
      rspec-support (~> 3.5.0)
    rspec-mocks (3.5.0)
      diff-lcs (>= 1.2.0, < 2.0)
      rspec-support (~> 3.5.0)
    rspec-rails (3.5.2)
      actionpack (>= 3.0)
      activesupport (>= 3.0)
      railties (>= 3.0)
      rspec-core (~> 3.5.0)
      rspec-expectations (~> 3.5.0)
      rspec-mocks (~> 3.5.0)
      rspec-support (~> 3.5.0)
    rspec-support (3.5.0)
    ruby-rc4 (0.1.5)
    ruby-rtf (0.0.1)
    sass (3.4.23)
    sass-rails (3.2.6)
      railties (~> 3.2.0)
      sass (>= 3.1.10)
      tilt (~> 1.3)
    sinatra (1.4.6)
      rack (~> 1.4)
      rack-protection (~> 1.4)
      tilt (>= 1.3, < 3)
    spine-rails (0.1.2)
      json2-rails (>= 0.0.2)
      rails (>= 3.1.0)
    sprockets (2.2.3)
      hike (~> 1.2)
      multi_json (~> 1.0)
      rack (~> 1.0)
      tilt (~> 1.1, != 1.3.0)
    therubyracer (0.12.3)
      libv8 (~> 3.16.14.15)
      ref
    thor (0.19.4)
    tilt (1.4.1)
    treetop (1.4.15)
      polyglot
      polyglot (>= 0.3.1)
    ttfunk (1.4.0)
    turn (0.9.7)
      ansi
      minitest (~> 4)
    tzinfo (0.3.52)
    uglifier (3.0.4)
      execjs (>= 0.3.0, < 3)
    vegas (0.1.11)
      rack (>= 1.0.0)
    warden (1.2.6)
      rack (>= 1.0)
    wicked_pdf (1.1.0)
    will_paginate (3.1.5)
    will_paginate-bootstrap (1.0.1)
      will_paginate (>= 3.0.3)
    xpath (2.0.0)
      nokogiri (~> 1.3)

PLATFORMS
  ruby

DEPENDENCIES
  activesupport
  acts_as_tree
  anemone
  capistrano (~> 2)
  capistrano_colors
  capybara
  chardet
  ckeditor!
  coffee-rails
  color
  cucumber-rails
  daemons
  database_cleaner
  delayed_job
  delayed_job_active_record
  devise
  devise_ldap_authenticatable!
  difflcs
  dynamic_form
  eco
  ensure-encoding
  factory_girl_rails
  fileutils
  htmlentities
  i18n-js
  i18n_generators
  iconv
  jquery-rails
  jquery-tmpl-rails
  jquery-ui-rails
  less-rails
  less-rails-bootstrap
  less-rails-bootswatch
  loofah
  minitest
  mongodb
  mysql2 (~> 0.3.10)
  nokogiri
  paperclip
  parallel
  passenger
  pdf-reader
  plupload-rails
  rails (= 3.2.22)
  rake
  rb-readline
  resque
  rspec-rails
  ruby-rtf
  sass-rails
  spine-rails
  therubyracer
  thinking-sphinx!
  ts-delayed-delta!
  turn
  uglifier
  wicked_pdf
  will_paginate
  will_paginate-bootstrap

BUNDLED WITH
   1.13.7
